PATH
  remote: .
  specs:
    datastruct (0.0.1)

GEM
  remote: https://rubygems.org/
  specs:
    byebug (3.5.1)
      columnize (~> 0.8)
      debugger-linecache (~> 1.2)
      slop (~> 3.6)
    coderay (1.1.0)
    columnize (0.8.9)
    debugger-linecache (1.2.0)
    metaclass (0.0.4)
    method_source (0.8.2)
    minitest (5.4.3)
    mocha (1.1.0)
      metaclass (~> 0.0.1)
    pry (0.10.1)
      coderay (~> 1.1.0)
      method_source (~> 0.8.1)
      slop (~> 3.4)
    rake (10.4.0)
    redcarpet (3.2.1)
    slop (3.6.0)
    yard (0.8.7.6)

PLATFORMS
  ruby

DEPENDENCIES
  byebug
  datastruct!
  minitest (~> 5)
  mocha (~> 1)
  pry
  rake
  redcarpet (~> 3)
  yard (~> 0)
